GEM
  remote: https://rubygems.org/
  specs:
    rilakkuma (0.1.0)

PLATFORMS
  ruby

DEPENDENCIES
  rilakkuma

BUNDLED WITH
   1.14.3
